NUGET
  remote: https://www.nuget.org/api/v2
  specs:
    CsQuery (1.3.4)
    Fody (1.26.2)
    Nancy (0.23.2)
    Nancy.Testing (0.23.2)
      CsQuery (>= 1.3.3)
      Nancy (>= 0.23.2)
    Newtonsoft.Json (6.0.6)
    NullGuard.Fody (1.2.0.0)
      Fody (>= 0)
    NUnit (2.6.3)
