NUGET
  remote: https://www.nuget.org/api/v2
  specs:
    CsQuery (1.3.4)
    Fody (1.20.0.0)
    Nancy (0.22.0)
    Nancy.Testing (0.22.0)
      CsQuery (>= 1.3.3)
      Nancy (>= 0.22.0)
    Newtonsoft.Json (6.0.1-beta1)
    NullGuard.Fody (1.1.0.0)
      Fody (>= 0)
    NUnit (2.6.0.12054)
